PATH
  remote: .
  specs:
    the_where (0.1.0)

GEM
  remote: https://rubygems.org/
  specs:
    rake (12.3.0)

PLATFORMS
  ruby

DEPENDENCIES
  rake (~> 12.0)
  the_where!

BUNDLED WITH
   2.1.4
